PATH
  remote: .
  specs:
    enju_t84_self_checkout (0.0.1)
      enju_circulation (~> 0.2.5)
      pg (~> 0.15)
      rails (~> 4.2.10)

GEM
  remote: https://rubygems.org/
  specs:
    actionmailer (4.2.10)
      actionpack (= 4.2.10)
      actionview (= 4.2.10)
      activejob (= 4.2.10)
      mail (~> 2.5, >= 2.5.4)
      rails-dom-testing (~> 1.0, >= 1.0.5)
    actionpack (4.2.10)
      actionview (= 4.2.10)
      activesupport (= 4.2.10)
      rack (~> 1.6)
      rack-test (~> 0.6.2)
      rails-dom-testing (~> 1.0, >= 1.0.5)
      rails-html-sanitizer (~> 1.0, >= 1.0.2)
    actionview (4.2.10)
      activesupport (= 4.2.10)
      builder (~> 3.1)
      erubis (~> 2.7.0)
      rails-dom-testing (~> 1.0, >= 1.0.5)
      rails-html-sanitizer (~> 1.0, >= 1.0.3)
    activejob (4.2.10)
      activesupport (= 4.2.10)
      globalid (>= 0.3.0)
    activemodel (4.2.10)
      activesupport (= 4.2.10)
      builder (~> 3.1)
    activerecord (4.2.10)
      activemodel (= 4.2.10)
      activesupport (= 4.2.10)
      arel (~> 6.0)
    activesupport (4.2.10)
      i18n (~> 0.7)
      minitest (~> 5.1)
      thread_safe (~> 0.3, >= 0.3.4)
      tzinfo (~> 1.1)
    acts_as_list (0.9.12)
      activerecord (>= 3.0)
    addressable (2.5.2)
      public_suffix (>= 2.0.2, < 4.0)
    arel (6.0.4)
    awesome_nested_set (3.1.4)
      activerecord (>= 4.0.0, < 5.3)
    bcrypt (3.1.11)
    browser (2.5.3)
    builder (3.2.3)
    climate_control (0.2.0)
    cocaine (0.5.8)
      climate_control (>= 0.0.3, < 1.0)
    cocoon (1.2.11)
    concurrent-ruby (1.0.5)
    crass (1.0.4)
    devise (4.4.3)
      bcrypt (~> 3.0)
      orm_adapter (~> 0.1)
      railties (>= 4.1.0, < 6.0)
      responders
      warden (~> 1.2.3)
    dynamic_form (1.1.4)
    enju_biblio (0.2.5)
      dynamic_form
      enju_library (~> 0.2.3)
      faraday
      library_stdnums
      lisbn
      marc
      simple_form
    enju_circulation (0.2.5)
      enju_biblio (~> 0.2.4)
      enju_event (~> 0.2.2)
    enju_event (0.2.3)
      enju_message (~> 0.2.3)
      ri_cal
    enju_library (0.2.5)
      enju_seed (~> 0.2.2)
      geocoder
      paper_trail (~> 8.0)
      paperclip (~> 4.3)
      paperclip-meta
      statesman (~> 3.3)
    enju_message (0.2.4)
      awesome_nested_set (~> 3.1)
      enju_library (~> 0.2.4)
    enju_seed (0.2.3)
      acts_as_list (~> 0.9)
      addressable (~> 2.5)
      browser (~> 2.5)
      cocoon
      devise (~> 4.4)
      friendly_id (~> 5.2)
      globalize (~> 5.1.0.beta2)
      globalize-accessors
      kaminari (~> 0.17)
      kramdown
      paperclip
      pundit (~> 1.1)
      rails (~> 4.2.6)
      rails_autolink
      rsolr (~> 1.1)
      simple_form
      sitemap_generator (~> 6.0)
      strip_attributes (~> 1.8)
      sunspot_rails (~> 2.2.7)
      validates_timeliness (~> 4.0)
    erubis (2.7.0)
    faraday (0.15.0)
      multipart-post (>= 1.2, < 3)
    friendly_id (5.2.4)
      activerecord (>= 4.0.0)
    geocoder (1.4.7)
    globalid (0.4.1)
      activesupport (>= 4.2.0)
    globalize (5.1.0)
      activemodel (>= 4.2, < 5.2)
      activerecord (>= 4.2, < 5.2)
      request_store (~> 1.0)
    globalize-accessors (0.2.1)
      globalize (~> 5.0, >= 5.0.0)
    i18n (0.9.5)
      concurrent-ruby (~> 1.0)
    kaminari (0.17.0)
      actionpack (>= 3.0.0)
      activesupport (>= 3.0.0)
    kramdown (1.16.2)
    library_stdnums (1.6.0)
    lisbn (0.2.4)
      nokogiri
      nori (~> 2.0)
    loofah (2.2.2)
      crass (~> 1.0.2)
      nokogiri (>= 1.5.9)
    mail (2.7.0)
      mini_mime (>= 0.1.1)
    marc (1.0.2)
      scrub_rb (>= 1.0.1, < 2)
      unf
    mime-types (3.1)
      mime-types-data (~> 3.2015)
    mime-types-data (3.2016.0521)
    mimemagic (0.3.0)
    mini_mime (1.0.0)
    mini_portile2 (2.3.0)
    minitest (5.11.3)
    multipart-post (2.0.0)
    nokogiri (1.8.2)
      mini_portile2 (~> 2.3.0)
    nori (2.6.0)
    orm_adapter (0.5.0)
    paper_trail (8.1.2)
      activerecord (>= 4.2, < 5.2)
      request_store (~> 1.1)
    paperclip (4.3.7)
      activemodel (>= 3.2.0)
      activesupport (>= 3.2.0)
      cocaine (~> 0.5.5)
      mime-types
      mimemagic (= 0.3.0)
    paperclip-meta (2.0.2)
      paperclip (~> 4.0)
    pg (0.21.0)
    pr_geohash (1.0.0)
    public_suffix (3.0.2)
    pundit (1.1.0)
      activesupport (>= 3.0.0)
    rack (1.6.10)
    rack-test (0.6.3)
      rack (>= 1.0)
    rails (4.2.10)
      actionmailer (= 4.2.10)
      actionpack (= 4.2.10)
      actionview (= 4.2.10)
      activejob (= 4.2.10)
      activemodel (= 4.2.10)
      activerecord (= 4.2.10)
      activesupport (= 4.2.10)
      bundler (>= 1.3.0, < 2.0)
      railties (= 4.2.10)
      sprockets-rails
    rails-deprecated_sanitizer (1.0.3)
      activesupport (>= 4.2.0.alpha)
    rails-dom-testing (1.0.9)
      activesupport (>= 4.2.0, < 5.0)
      nokogiri (~> 1.6)
      rails-deprecated_sanitizer (>= 1.0.1)
    rails-html-sanitizer (1.0.4)
      loofah (~> 2.2, >= 2.2.2)
    rails_autolink (1.1.6)
      rails (> 3.1)
    railties (4.2.10)
      actionpack (= 4.2.10)
      activesupport (= 4.2.10)
      rake (>= 0.8.7)
      thor (>= 0.18.1, < 2.0)
    rake (12.3.1)
    request_store (1.4.1)
      rack (>= 1.4)
    responders (2.4.0)
      actionpack (>= 4.2.0, < 5.3)
      railties (>= 4.2.0, < 5.3)
    ri_cal (0.8.8)
    rsolr (1.1.2)
      builder (>= 2.1.2)
    scrub_rb (1.0.1)
    simple_form (4.0.0)
      actionpack (> 4)
      activemodel (> 4)
    sitemap_generator (6.0.1)
      builder (~> 3.0)
    sprockets (3.7.1)
      concurrent-ruby (~> 1.0)
      rack (> 1, < 3)
    sprockets-rails (3.2.1)
      actionpack (>= 4.0)
      activesupport (>= 4.0)
      sprockets (>= 3.0.0)
    statesman (3.4.1)
    strip_attributes (1.8.0)
      activemodel (>= 3.0, < 6.0)
    sunspot (2.2.8)
      pr_geohash (~> 1.0)
      rsolr (>= 1.1.1, < 3)
    sunspot_rails (2.2.8)
      rails (>= 3)
      sunspot (= 2.2.8)
    thor (0.20.0)
    thread_safe (0.3.6)
    timeliness (0.3.8)
    tzinfo (1.2.5)
      thread_safe (~> 0.1)
    unf (0.1.4)
      unf_ext
    unf_ext (0.0.7.5)
    validates_timeliness (4.0.2)
      timeliness (~> 0.3.7)
    warden (1.2.7)
      rack (>= 1.0)

PLATFORMS
  ruby

DEPENDENCIES
  enju_circulation (~> 0.2.5)
  enju_t84_self_checkout!
  pg (~> 0.15)

BUNDLED WITH
   1.16.1
